PATH
  remote: .
  specs:
    exa-ai (0.1.0)
      faraday (~> 2.0)

GEM
  remote: https://rubygems.org/
  specs:
    addressable (2.8.7)
      public_suffix (>= 2.0.2, < 7.0)
    base64 (0.3.0)
    bigdecimal (3.3.1)
    crack (1.0.0)
      bigdecimal
      rexml
    faraday (2.14.0)
      faraday-net_http (>= 2.0, < 3.5)
      json
      logger
    faraday-net_http (3.4.1)
      net-http (>= 0.5.0)
    hashdiff (1.2.1)
    json (2.15.1)
    logger (1.7.0)
    minitest (5.26.0)
    net-http (0.6.0)
      uri
    public_suffix (6.0.2)
    rake (13.3.0)
    rexml (3.4.4)
    uri (1.0.4)
    vcr (6.3.1)
      base64
    webmock (3.25.1)
      addressable (>= 2.8.0)
      crack (>= 0.3.2)
      hashdiff (>= 0.4.0, < 2.0.0)

PLATFORMS
  arm64-darwin-22
  ruby

DEPENDENCIES
  exa-ai!
  minitest (~> 5.0)
  rake (~> 13.0)
  vcr (~> 6.0)
  webmock (~> 3.0)

BUNDLED WITH
   2.7.1
